GEM
  remote: https://rubygems.org/
  specs:
    byebug (9.0.4)
    faraday (0.9.2)
      multipart-post (>= 1.2, < 3)
    minitest (5.9.0)
    multipart-post (2.0.0)
    passenger (5.0.28)
      rack
      rake (>= 0.8.1)
    rack (1.6.4)
    rack-test (0.6.3)
      rack (>= 1.0)
    rake (10.5.0)
    rufus-scheduler (3.2.1)
    sys-proctable (1.0.0)

PLATFORMS
  ruby

DEPENDENCIES
  byebug
  faraday
  minitest (~> 5.2)
  passenger (>= 5.0.11)
  rack-test (~> 0.6)
  rake (~> 10.0)
  rufus-scheduler
  sys-proctable

BUNDLED WITH
   1.12.4
