GEM
  remote: https://rubygems.org/
  specs:
    byebug (9.0.4)
    diff-lcs (1.2.5)
    faraday (0.9.2)
      multipart-post (>= 1.2, < 3)
    multipart-post (2.0.0)
    passenger (5.0.28)
      rack
      rake (>= 0.8.1)
    rack (1.6.4)
    rake (10.5.0)
    rspec (3.4.0)
      rspec-core (~> 3.4.0)
      rspec-expectations (~> 3.4.0)
      rspec-mocks (~> 3.4.0)
    rspec-core (3.4.4)
      rspec-support (~> 3.4.0)
    rspec-expectations (3.4.0)
      diff-lcs (>= 1.2.0, < 2.0)
      rspec-support (~> 3.4.0)
    rspec-mocks (3.4.1)
      diff-lcs (>= 1.2.0, < 2.0)
      rspec-support (~> 3.4.0)
    rspec-support (3.4.1)
    rufus-scheduler (3.2.1)
    sys-proctable (1.0.0)

PLATFORMS
  ruby

DEPENDENCIES
  byebug
  faraday
  passenger (>= 5.0.11)
  rspec
  rufus-scheduler
  sys-proctable

BUNDLED WITH
   1.12.4
